GEM
  remote: http://rubygems.org/
  specs:
    coffee-script (2.4.1)
      coffee-script-source
      execjs
    coffee-script-source (1.10.0)
    execjs (2.6.0)
    haml (4.0.7)
      tilt
    jruby-rack (1.1.19)
    rack (1.6.4)
    rack-protection (1.5.3)
      rack
    sass (3.4.21)
    shotgun (0.9.1)
      rack (>= 1.0)
    sinatra (1.4.6)
      rack (~> 1.4)
      rack-protection (~> 1.4)
      tilt (>= 1.3, < 3)
    tilt (2.0.2)
    trinidad (1.4.6)
      jruby-rack (~> 1.1.13)
      trinidad_jars (>= 1.3.0, < 1.5.0)
    trinidad_jars (1.4.2)

PLATFORMS
  java

DEPENDENCIES
  coffee-script
  haml
  sass
  shotgun
  sinatra
  trinidad

BUNDLED WITH
   1.11.2
